GEM
  remote: http://rubygems.org/
  remote: http://rubygems.org/
  remote: http://rubygems.org/
  remote: http://gems.rubyforge.org/
  remote: http://rubygems.org/
  remote: http://gemcutter.org/
  specs:
    builder (3.1.4)
    celluloid (0.12.3)
      facter (>= 1.6.12)
      timers (>= 1.0.0)
    cfoundry (0.4.9)
      multi_json (~> 1.4.0)
      multipart-post (~> 1.1.0)
      rubyzip (~> 0.9.9)
    clockwork (0.4.1)
      tzinfo
    connection_pool (0.9.2)
    excon (0.16.10)
    facter (1.6.16)
    fog (1.8.0)
      builder
      excon (~> 0.14)
      formatador (~> 0.2.0)
      mime-types
      multi_json (~> 1.0)
      net-scp (~> 1.0.4)
      net-ssh (>= 2.1.3)
      nokogiri (~> 1.5.0)
      ruby-hmac
    formatador (0.2.4)
    mime-types (1.19)
    multi_json (1.4.0)
    multipart-post (1.1.5)
    net-scp (1.0.4)
      net-ssh (>= 1.99.1)
    net-ssh (2.6.2)
    nokogiri (1.5.5)
    redis (3.0.2)
    redis-namespace (1.2.1)
      redis (~> 3.0.0)
    ruby-hmac (0.4.0)
    rubyzip (0.9.9)
    sidekiq (2.5.4)
      celluloid (~> 0.12.0)
      connection_pool (~> 0.9.2)
      multi_json (~> 1)
      redis (~> 3)
      redis-namespace
    timers (1.0.1)
    tzinfo (0.3.35)

PLATFORMS
  ruby

DEPENDENCIES
  cfoundry
  clockwork
  fog
  rubyzip
  sidekiq
